GEM
  remote: https://rubygems.org/
  specs:
    open_uri_redirections (0.2.1)

PLATFORMS
  ruby

DEPENDENCIES
  open_uri_redirections
